NUGET
  remote: https://www.nuget.org/api/v2
  specs:
    FAKE (3.33.0)
    FSharp.Core (3.1.2.1)
    FsPickler (1.2.1)
    NuGet.CommandLine (2.8.5)
    NUnit (2.6.4) - framework: >= net45
    NUnit.Runners (2.6.4)
    Suave (0.28.1)
      FSharp.Core (>= 3.1.2.1)
      FsPickler (>= 1.0.7)
