NUGET
  remote: https://www.nuget.org/api/v2
  specs:
    NuGet.CommandLine (2.8.5)
    NUnit (2.6.4) - framework: >= net45
